GEM
  remote: http://rubygems.org/
  specs:
    activesupport (4.2.6)
      i18n (~> 0.7)
      json (~> 1.7, >= 1.7.7)
      minitest (~> 5.1)
      thread_safe (~> 0.3, >= 0.3.4)
      tzinfo (~> 1.1)
    file-tail (1.1.1)
      tins (~> 1.0)
    i18n (0.7.0)
    json (1.8.3)
    minitest (5.9.0)
    thread_safe (0.3.5)
    tins (1.10.1)
    tzinfo (1.2.2)
      thread_safe (~> 0.1)

PLATFORMS
  ruby

DEPENDENCIES
  activesupport
  bundler
  file-tail

BUNDLED WITH
   1.12.3
